GEM
  remote: http://rubygems.org/
  specs:
    abstract (1.0.0)
    activemodel (3.0.0)
      activesupport (= 3.0.0)
      builder (~> 2.1.2)
      i18n (~> 0.4.1)
    activerecord (3.0.0)
      activemodel (= 3.0.0)
      activesupport (= 3.0.0)
      arel (~> 1.0.0)
      tzinfo (~> 0.3.23)
    activesupport (3.0.0)
    arel (1.0.1)
      activesupport (~> 3.0.0)
    awesome_print (0.2.1)
    builder (2.1.2)
    cachy (0.1.4)
    capistrano (2.5.19)
      highline
      net-scp (>= 1.0.0)
      net-sftp (>= 2.0.0)
      net-ssh (>= 2.0.14)
      net-ssh-gateway (>= 1.0.0)
    database_cleaner (0.5.2)
    erubis (2.6.6)
      abstract (>= 1.0.0)
    highline (1.6.1)
    i18n (0.4.1)
    looksee (0.2.1)
    mocha (0.9.8)
      rake
    mysql2 (0.2.4)
    net-scp (1.0.4)
      net-ssh (>= 1.99.1)
    net-sftp (2.0.5)
      net-ssh (>= 2.0.9)
    net-ssh (2.0.23)
    net-ssh-gateway (1.0.1)
      net-ssh (>= 1.99.1)
    rack (1.2.1)
    rack-test (0.5.4)
      rack (>= 1.0)
    rake (0.8.7)
    rspec (1.3.0)
    shotgun (0.8)
      rack (>= 1.0)
    sinatra (1.0)
      rack (>= 1.0)
    tzinfo (0.3.23)
    unicorn (1.1.3)
      rack
    wirble (0.1.3)

PLATFORMS
  ruby

DEPENDENCIES
  activerecord
  awesome_print
  cachy
  capistrano
  database_cleaner
  erubis
  looksee
  mocha
  mysql2
  rack-test
  rspec
  shotgun
  sinatra
  unicorn
  wirble
